GEM
  remote: https://rubygems.org/
  specs:
    backports (3.11.1)
    domain_name (0.5.20170404)
      unf (>= 0.0.5, < 1.0.0)
    dotenv (2.2.1)
    faraday (0.12.2)
      multipart-post (>= 1.2, < 3)
    foreman (0.84.0)
      thor (~> 0.19.1)
    gmail (0.6.0)
      gmail_xoauth (>= 0.3.0)
      mail (>= 2.2.1)
    gmail_xoauth (0.4.2)
      oauth (>= 0.3.6)
    haml (5.0.4)
      temple (>= 0.8.0)
      tilt
    hashie (3.5.7)
    http-cookie (1.0.3)
      domain_name (~> 0.5)
    json (2.1.0)
    jwt (1.5.6)
    mail (2.7.0)
      mini_mime (>= 0.1.1)
    mime-types (3.1)
      mime-types-data (~> 3.2015)
    mime-types-data (3.2016.0521)
    mini_mime (1.0.0)
    multi_json (1.13.1)
    multi_xml (0.6.0)
    multipart-post (2.0.0)
    mustermann (1.0.2)
    netrc (0.11.0)
    oauth (0.5.4)
    oauth2 (1.4.0)
      faraday (>= 0.8, < 0.13)
      jwt (~> 1.0)
      multi_json (~> 1.3)
      multi_xml (~> 0.5)
      rack (>= 1.2, < 3)
    omniauth (1.8.1)
      hashie (>= 3.4.6, < 3.6.0)
      rack (>= 1.6.2, < 3)
    omniauth-facebook (4.0.0)
      omniauth-oauth2 (~> 1.2)
    omniauth-google-oauth2 (0.5.3)
      jwt (>= 1.5)
      omniauth (>= 1.1.1)
      omniauth-oauth2 (>= 1.5)
    omniauth-oauth2 (1.5.0)
      oauth2 (~> 1.1)
      omniauth (~> 1.2)
    pg (1.0.0)
    puma (3.11.3)
    rack (2.0.4)
    rack-protection (2.0.1)
      rack
    rake (12.3.1)
    rest-client (2.0.2)
      http-cookie (>= 1.0.2, < 2.0)
      mime-types (>= 1.16, < 4.0)
      netrc (~> 0.8)
    sequel (5.7.0)
    sinatra (2.0.1)
      mustermann (~> 1.0)
      rack (~> 2.0)
      rack-protection (= 2.0.1)
      tilt (~> 2.0)
    sinatra-contrib (2.0.1)
      backports (>= 2.0)
      multi_json
      mustermann (~> 1.0)
      rack-protection (= 2.0.1)
      sinatra (= 2.0.1)
      tilt (>= 1.3, < 3)
    temple (0.8.0)
    thor (0.19.4)
    tilt (2.0.8)
    unf (0.1.4)
      unf_ext
    unf_ext (0.0.7.5)

PLATFORMS
  ruby

DEPENDENCIES
  dotenv (~> 2.2, >= 2.2.1)
  foreman (~> 0.84.0)
  gmail (~> 0.6.0)
  haml (~> 5.0, >= 5.0.4)
  json (~> 2.1)
  omniauth-facebook (~> 4.0)
  omniauth-google-oauth2 (~> 0.5.3)
  pg (~> 1.0)
  puma (~> 3.11, >= 3.11.3)
  rake (~> 12.3)
  rest-client (~> 2.0, >= 2.0.2)
  sequel (~> 5.6)
  sinatra (~> 2.0, >= 2.0.1)
  sinatra-contrib (~> 2.0, >= 2.0.1)

RUBY VERSION
   ruby 2.5.1p57

BUNDLED WITH
   1.16.1
