GEM
  remote: https://rubygems.org/
  specs:
    haml (4.0.5)
      tilt
    json (1.8.1)
    mime-types (2.4.3)
    rack (1.5.2)
    rest-client (1.6.7)
      mime-types (>= 1.16)
    sinatra (1.1.0)
      rack (~> 1.1)
      tilt (~> 1.1)
    tilt (1.4.1)

PLATFORMS
  ruby

DEPENDENCIES
  haml (= 4.0.5)
  json (= 1.8.1)
  rest-client (= 1.6.7)
  sinatra (= 1.1.0)
